GEM
  remote: https://rubygems.org/
  specs:
    active_record_simple_execute (0.9.1)
      activerecord (>= 3.2)
    activemodel (7.0.5)
      activesupport (= 7.0.5)
    activerecord (7.0.5)
      activemodel (= 7.0.5)
      activesupport (= 7.0.5)
    activesupport (7.0.5)
      concurrent-ruby (~> 1.0, >= 1.0.2)
      i18n (>= 1.6, < 2)
      minitest (>= 5.1)
      tzinfo (~> 2.0)
    addressable (2.8.4)
      public_suffix (>= 2.0.2, < 6.0)
    ast (2.4.2)
    aws-eventstream (1.2.0)
    aws-partitions (1.776.0)
    aws-sdk-cognitoidentityprovider (1.74.0)
      aws-sdk-core (~> 3, >= 3.174.0)
      aws-sigv4 (~> 1.1)
    aws-sdk-core (3.174.0)
      aws-eventstream (~> 1, >= 1.0.2)
      aws-partitions (~> 1, >= 1.651.0)
      aws-sigv4 (~> 1.5)
      jmespath (~> 1, >= 1.6.1)
    aws-sdk-dynamodb (1.85.0)
      aws-sdk-core (~> 3, >= 3.174.0)
      aws-sigv4 (~> 1.1)
    aws-sdk-eventbridge (1.44.0)
      aws-sdk-core (~> 3, >= 3.174.0)
      aws-sigv4 (~> 1.1)
    aws-sdk-kms (1.66.0)
      aws-sdk-core (~> 3, >= 3.174.0)
      aws-sigv4 (~> 1.1)
    aws-sdk-s3 (1.123.1)
      aws-sdk-core (~> 3, >= 3.174.0)
      aws-sdk-kms (~> 1)
      aws-sigv4 (~> 1.4)
    aws-sdk-sns (1.61.0)
      aws-sdk-core (~> 3, >= 3.174.0)
      aws-sigv4 (~> 1.1)
    aws-sdk-ssm (1.151.0)
      aws-sdk-core (~> 3, >= 3.174.0)
      aws-sigv4 (~> 1.1)
    aws-sigv4 (1.5.2)
      aws-eventstream (~> 1, >= 1.0.2)
    base64 (0.1.1)
    cgi (0.3.6)
    concurrent-ruby (1.2.2)
    diff-lcs (1.5.0)
    httparty (0.21.0)
      mini_mime (>= 1.0.0)
      multi_xml (>= 0.5.2)
    i18n (1.14.1)
      concurrent-ruby (~> 1.0)
    jmespath (1.6.2)
    json (2.6.3)
    json-schema (3.0.0)
      addressable (>= 2.8)
    logger (1.5.3)
    mini_mime (1.1.2)
    minitest (5.18.0)
    multi_xml (0.6.0)
    parallel (1.23.0)
    parser (3.2.2.1)
      ast (~> 2.4.1)
    public_suffix (5.0.1)
    rainbow (3.1.1)
    regexp_parser (2.8.0)
    rexml (3.2.5)
    rspec (3.12.0)
      rspec-core (~> 3.12.0)
      rspec-expectations (~> 3.12.0)
      rspec-mocks (~> 3.12.0)
    rspec-core (3.12.2)
      rspec-support (~> 3.12.0)
    rspec-expectations (3.12.3)
      diff-lcs (>= 1.2.0, < 2.0)
      rspec-support (~> 3.12.0)
    rspec-mocks (3.12.5)
      diff-lcs (>= 1.2.0, < 2.0)
      rspec-support (~> 3.12.0)
    rspec-support (3.12.0)
    rubocop (1.52.0)
      json (~> 2.3)
      parallel (~> 1.10)
      parser (>= 3.2.0.0)
      rainbow (>= 2.2.2, < 4.0)
      regexp_parser (>= 1.8, < 3.0)
      rexml (>= 3.2.5, < 4.0)
      rubocop-ast (>= 1.28.0, < 2.0)
      ruby-progressbar (~> 1.7)
      unicode-display_width (>= 2.4.0, < 3.0)
    rubocop-ast (1.29.0)
      parser (>= 3.2.1.0)
    rubocop-capybara (2.18.0)
      rubocop (~> 1.41)
    rubocop-factory_bot (2.23.1)
      rubocop (~> 1.33)
    rubocop-rspec (2.22.0)
      rubocop (~> 1.33)
      rubocop-capybara (~> 2.17)
      rubocop-factory_bot (~> 2.22)
    ruby-progressbar (1.13.0)
    tzinfo (2.0.6)
      concurrent-ruby (~> 1.0)
    uc3-dmp-api-core (0.0.11)
      aws-sdk-sns (~> 1.60)
      aws-sdk-ssm (~> 1.150)
      json (~> 2.6)
      logger (~> 1.4)
    uc3-dmp-cognito (0.0.3)
      aws-sdk-cognitoidentityprovider (~> 1.73)
      json (~> 2.6)
    uc3-dmp-dynamo (0.0.10)
      aws-sdk-dynamodb (~> 1.83)
      json (~> 2.6)
      logger (~> 1.4)
    uc3-dmp-event-bridge (0.0.2)
      aws-sdk-eventbridge (~> 1.44)
      json (~> 2.6)
      logger (~> 1.4)
    uc3-dmp-external-api (0.0.8)
      active_record_simple_execute (~> 0.9.1)
      aws-sdk-sns (~> 1.60)
      aws-sdk-ssm (~> 1.150)
      httparty (~> 0.21.0)
      json (~> 2.6)
    uc3-dmp-id (0.0.36)
      json (~> 2.6)
      json-schema (~> 3.0)
      uc3-dmp-dynamo (~> 0.0)
      uc3-dmp-event-bridge (~> 0.0)
    uc3-dmp-provenance (0.0.8)
      json (~> 2.6)
      uc3-dmp-cognito (~> 0.0)
      uc3-dmp-dynamo (~> 0.0)
    uc3-dmp-s3 (0.0.2)
      aws-sdk-s3 (~> 1.119)
      base64 (~> 0.1)
      cgi (~> 0.3)
    unicode-display_width (2.4.2)

PLATFORMS
  arm64-darwin-21

DEPENDENCIES
  aws-sdk-cognitoidentityprovider
  aws-sdk-dynamodb
  aws-sdk-eventbridge
  aws-sdk-s3
  aws-sdk-sns
  aws-sdk-ssm
  httparty
  json-schema
  rspec
  rubocop
  rubocop-rspec
  uc3-dmp-api-core
  uc3-dmp-external-api
  uc3-dmp-id
  uc3-dmp-provenance
  uc3-dmp-s3

BUNDLED WITH
   2.4.13
