GEM
  remote: https://rubygems.org/
  specs:
    addressable (2.8.6)
      public_suffix (>= 2.0.2, < 6.0)
    ast (2.4.2)
    aws-eventstream (1.3.0)
    aws-partitions (1.923.0)
    aws-sdk-cognitoidentityprovider (1.90.0)
      aws-sdk-core (~> 3, >= 3.193.0)
      aws-sigv4 (~> 1.1)
    aws-sdk-core (3.194.0)
      aws-eventstream (~> 1, >= 1.3.0)
      aws-partitions (~> 1, >= 1.651.0)
      aws-sigv4 (~> 1.8)
      jmespath (~> 1, >= 1.6.1)
    aws-sdk-dynamodb (1.107.0)
      aws-sdk-core (~> 3, >= 3.193.0)
      aws-sigv4 (~> 1.1)
    aws-sdk-eventbridge (1.58.0)
      aws-sdk-core (~> 3, >= 3.193.0)
      aws-sigv4 (~> 1.1)
    aws-sdk-kms (1.80.0)
      aws-sdk-core (~> 3, >= 3.193.0)
      aws-sigv4 (~> 1.1)
    aws-sdk-s3 (1.149.0)
      aws-sdk-core (~> 3, >= 3.194.0)
      aws-sdk-kms (~> 1)
      aws-sigv4 (~> 1.8)
    aws-sdk-sns (1.74.0)
      aws-sdk-core (~> 3, >= 3.193.0)
      aws-sigv4 (~> 1.1)
    aws-sdk-ssm (1.168.0)
      aws-sdk-core (~> 3, >= 3.193.0)
      aws-sigv4 (~> 1.1)
    aws-sigv4 (1.8.0)
      aws-eventstream (~> 1, >= 1.0.2)
    base64 (0.2.0)
    bibtex-ruby (6.1.0)
      latex-decode (~> 0.0)
      racc (~> 1.7)
    bigdecimal (3.1.7)
    cgi (0.4.1)
    citeproc (1.0.10)
      namae (~> 1.0)
    citeproc-ruby (2.0.0)
      citeproc (~> 1.0, >= 1.0.9)
      csl (~> 2.0)
    csl (2.0.0)
      namae (~> 1.0)
      rexml
    csl-styles (2.0.1)
      csl (~> 2.0)
    diff-lcs (1.5.1)
    digest (3.1.1)
    faraday (2.9.0)
      faraday-net_http (>= 2.0, < 3.2)
    faraday-net_http (3.1.0)
      net-http
    httparty (0.21.0)
      mini_mime (>= 1.0.0)
      multi_xml (>= 0.5.2)
    jmespath (1.6.2)
    json (2.7.2)
    json-schema (3.0.0)
      addressable (>= 2.8)
    language_server-protocol (3.17.0.3)
    latex-decode (0.4.0)
    logger (1.6.0)
    mini_mime (1.1.5)
    multi_json (1.15.0)
    multi_xml (0.7.1)
      bigdecimal (~> 3.1)
    namae (1.2.0)
      racc (~> 1.7)
    net-http (0.4.1)
      uri
    opensearch-aws-sigv4 (1.2.1)
      aws-sigv4 (>= 1)
      opensearch-ruby (>= 1.0.1)
    opensearch-ruby (3.3.0)
      faraday (>= 1.0, < 3)
      multi_json (>= 1.0)
    parallel (1.24.0)
    parser (3.3.1.0)
      ast (~> 2.4.1)
      racc
    public_suffix (5.0.5)
    racc (1.7.3)
    rainbow (3.1.1)
    regexp_parser (2.9.0)
    rexml (3.2.6)
    rspec (3.13.0)
      rspec-core (~> 3.13.0)
      rspec-expectations (~> 3.13.0)
      rspec-mocks (~> 3.13.0)
    rspec-core (3.13.0)
      rspec-support (~> 3.13.0)
    rspec-expectations (3.13.0)
      diff-lcs (>= 1.2.0, < 2.0)
      rspec-support (~> 3.13.0)
    rspec-mocks (3.13.0)
      diff-lcs (>= 1.2.0, < 2.0)
      rspec-support (~> 3.13.0)
    rspec-support (3.13.1)
    rubocop (1.63.4)
      json (~> 2.3)
      language_server-protocol (>= 3.17.0)
      parallel (~> 1.10)
      parser (>= 3.3.0.2)
      rainbow (>= 2.2.2, < 4.0)
      regexp_parser (>= 1.8, < 3.0)
      rexml (>= 3.2.5, < 4.0)
      rubocop-ast (>= 1.31.1, < 2.0)
      ruby-progressbar (~> 1.7)
      unicode-display_width (>= 2.4.0, < 3.0)
    rubocop-ast (1.31.3)
      parser (>= 3.3.1.0)
    rubocop-capybara (2.20.0)
      rubocop (~> 1.41)
    rubocop-factory_bot (2.25.1)
      rubocop (~> 1.41)
    rubocop-rspec (2.29.1)
      rubocop (~> 1.40)
      rubocop-capybara (~> 2.17)
      rubocop-factory_bot (~> 2.22)
      rubocop-rspec_rails (~> 2.28)
    rubocop-rspec_rails (2.28.3)
      rubocop (~> 1.40)
    ruby-progressbar (1.13.0)
    rubyzip (2.3.2)
    text (1.3.1)
    uc3-dmp-api-core (0.0.22)
      aws-sdk-sns (~> 1.60)
      aws-sdk-ssm (~> 1.150)
      json (~> 2.6)
      logger (~> 1.4)
    uc3-dmp-citation (0.0.13)
    uc3-dmp-cloudwatch (0.1.0)
    uc3-dmp-cognito (0.0.7)
      aws-sdk-cognitoidentityprovider (~> 1.73)
      json (~> 2.6)
    uc3-dmp-dynamo (0.0.21)
      aws-sdk-dynamodb (~> 1.83)
      json (~> 2.6)
      logger (~> 1.4)
    uc3-dmp-event-bridge (0.0.8)
      aws-sdk-eventbridge (~> 1.44)
      json (~> 2.6)
      logger (~> 1.4)
    uc3-dmp-external-api (0.0.21)
      aws-sdk-sns (~> 1.60)
      aws-sdk-ssm (~> 1.150)
      httparty (~> 0.21.0)
      json (~> 2.6)
    uc3-dmp-id (0.1.36)
      json (~> 2.6)
      json-schema (~> 3.0)
      text (~> 1.3)
      uc3-dmp-citation (~> 0.0)
      uc3-dmp-dynamo (~> 0.0)
      uc3-dmp-event-bridge (~> 0.0)
      uc3-dmp-external-api (~> 0.0)
    uc3-dmp-provenance (0.0.12)
      json (~> 2.6)
      uc3-dmp-cognito (~> 0.0)
      uc3-dmp-dynamo (~> 0.0)
    uc3-dmp-s3 (0.0.6)
      aws-sdk-s3 (~> 1.119)
      base64 (~> 0.1)
      cgi (~> 0.3)
    unicode-display_width (2.5.0)
    uri (0.13.0)

PLATFORMS
  arm64-darwin-22
  ruby

DEPENDENCIES
  aws-sdk-cognitoidentityprovider
  aws-sdk-dynamodb
  aws-sdk-eventbridge
  aws-sdk-s3
  aws-sdk-sns
  aws-sdk-ssm
  bibtex-ruby
  citeproc-ruby
  csl-styles
  digest
  httparty
  json-schema
  opensearch-aws-sigv4
  opensearch-ruby
  rspec
  rubocop
  rubocop-rspec
  rubyzip
  text
  uc3-dmp-api-core
  uc3-dmp-citation
  uc3-dmp-cloudwatch
  uc3-dmp-external-api
  uc3-dmp-id
  uc3-dmp-provenance
  uc3-dmp-s3

RUBY VERSION
   ruby 3.2.2p53

BUNDLED WITH
   2.5.5
