GEM
  remote: https://rubygems.org/
  specs:
    addressable (2.8.5)
      public_suffix (>= 2.0.2, < 6.0)
    ast (2.4.2)
    aws-eventstream (1.2.0)
    aws-partitions (1.848.0)
    aws-sdk-cognitoidentityprovider (1.82.0)
      aws-sdk-core (~> 3, >= 3.184.0)
      aws-sigv4 (~> 1.1)
    aws-sdk-core (3.186.0)
      aws-eventstream (~> 1, >= 1.0.2)
      aws-partitions (~> 1, >= 1.651.0)
      aws-sigv4 (~> 1.5)
      jmespath (~> 1, >= 1.6.1)
    aws-sdk-dynamodb (1.96.0)
      aws-sdk-core (~> 3, >= 3.184.0)
      aws-sigv4 (~> 1.1)
    aws-sdk-eventbridge (1.51.0)
      aws-sdk-core (~> 3, >= 3.184.0)
      aws-sigv4 (~> 1.1)
    aws-sdk-kms (1.72.0)
      aws-sdk-core (~> 3, >= 3.184.0)
      aws-sigv4 (~> 1.1)
    aws-sdk-s3 (1.136.0)
      aws-sdk-core (~> 3, >= 3.181.0)
      aws-sdk-kms (~> 1)
      aws-sigv4 (~> 1.6)
    aws-sdk-sns (1.68.0)
      aws-sdk-core (~> 3, >= 3.184.0)
      aws-sigv4 (~> 1.1)
    aws-sdk-ssm (1.159.0)
      aws-sdk-core (~> 3, >= 3.184.0)
      aws-sigv4 (~> 1.1)
    aws-sigv4 (1.6.1)
      aws-eventstream (~> 1, >= 1.0.2)
    base64 (0.2.0)
    bibtex-ruby (6.0.0)
      latex-decode (~> 0.0)
    cgi (0.4.0)
    citeproc (1.0.10)
      namae (~> 1.0)
    citeproc-ruby (2.0.0)
      citeproc (~> 1.0, >= 1.0.9)
      csl (~> 2.0)
    csl (2.0.0)
      namae (~> 1.0)
      rexml
    csl-styles (2.0.1)
      csl (~> 2.0)
    diff-lcs (1.5.0)
    digest (3.1.1)
    faraday (2.7.11)
      base64
      faraday-net_http (>= 2.0, < 3.1)
      ruby2_keywords (>= 0.0.4)
    faraday-net_http (3.0.2)
    httparty (0.21.0)
      mini_mime (>= 1.0.0)
      multi_xml (>= 0.5.2)
    jmespath (1.6.2)
    json (2.6.3)
    json-schema (3.0.0)
      addressable (>= 2.8)
    language_server-protocol (3.17.0.3)
    latex-decode (0.4.0)
    logger (1.6.0)
    mini_mime (1.1.5)
    multi_json (1.15.0)
    multi_xml (0.6.0)
    namae (1.1.1)
    opensearch-ruby (3.0.1)
      faraday (>= 1.0, < 3)
      multi_json (>= 1.0)
    parallel (1.23.0)
    parser (3.2.2.4)
      ast (~> 2.4.1)
      racc
    public_suffix (5.0.3)
    racc (1.7.3)
    rainbow (3.1.1)
    regexp_parser (2.8.2)
    rexml (3.2.6)
    rspec (3.12.0)
      rspec-core (~> 3.12.0)
      rspec-expectations (~> 3.12.0)
      rspec-mocks (~> 3.12.0)
    rspec-core (3.12.2)
      rspec-support (~> 3.12.0)
    rspec-expectations (3.12.3)
      diff-lcs (>= 1.2.0, < 2.0)
      rspec-support (~> 3.12.0)
    rspec-mocks (3.12.6)
      diff-lcs (>= 1.2.0, < 2.0)
      rspec-support (~> 3.12.0)
    rspec-support (3.12.1)
    rubocop (1.57.2)
      json (~> 2.3)
      language_server-protocol (>= 3.17.0)
      parallel (~> 1.10)
      parser (>= 3.2.2.4)
      rainbow (>= 2.2.2, < 4.0)
      regexp_parser (>= 1.8, < 3.0)
      rexml (>= 3.2.5, < 4.0)
      rubocop-ast (>= 1.28.1, < 2.0)
      ruby-progressbar (~> 1.7)
      unicode-display_width (>= 2.4.0, < 3.0)
    rubocop-ast (1.30.0)
      parser (>= 3.2.1.0)
    rubocop-capybara (2.19.0)
      rubocop (~> 1.41)
    rubocop-factory_bot (2.24.0)
      rubocop (~> 1.33)
    rubocop-rspec (2.25.0)
      rubocop (~> 1.40)
      rubocop-capybara (~> 2.17)
      rubocop-factory_bot (~> 2.22)
    ruby-progressbar (1.13.0)
    ruby2_keywords (0.0.5)
    rubyzip (2.3.2)
    text (1.3.1)
    uc3-dmp-api-core (0.0.22)
      aws-sdk-sns (~> 1.60)
      aws-sdk-ssm (~> 1.150)
      json (~> 2.6)
      logger (~> 1.4)
    uc3-dmp-citation (0.0.12)
    uc3-dmp-cloudwatch (0.1.0)
    uc3-dmp-cognito (0.0.7)
      aws-sdk-cognitoidentityprovider (~> 1.73)
      json (~> 2.6)
    uc3-dmp-dynamo (0.0.21)
      aws-sdk-dynamodb (~> 1.83)
      json (~> 2.6)
      logger (~> 1.4)
    uc3-dmp-event-bridge (0.0.8)
      aws-sdk-eventbridge (~> 1.44)
      json (~> 2.6)
      logger (~> 1.4)
    uc3-dmp-external-api (0.0.17)
      aws-sdk-sns (~> 1.60)
      aws-sdk-ssm (~> 1.150)
      httparty (~> 0.21.0)
      json (~> 2.6)
    uc3-dmp-id (0.1.19)
      json (~> 2.6)
      json-schema (~> 3.0)
      text (~> 1.3)
      uc3-dmp-citation (~> 0.0)
      uc3-dmp-dynamo (~> 0.0)
      uc3-dmp-event-bridge (~> 0.0)
      uc3-dmp-external-api (~> 0.0)
    uc3-dmp-provenance (0.0.12)
      json (~> 2.6)
      uc3-dmp-cognito (~> 0.0)
      uc3-dmp-dynamo (~> 0.0)
    uc3-dmp-s3 (0.0.6)
      aws-sdk-s3 (~> 1.119)
      base64 (~> 0.1)
      cgi (~> 0.3)
    unicode-display_width (2.5.0)

PLATFORMS
  arm64-darwin-22

DEPENDENCIES
  aws-sdk-cognitoidentityprovider
  aws-sdk-dynamodb
  aws-sdk-eventbridge
  aws-sdk-s3
  aws-sdk-sns
  aws-sdk-ssm
  bibtex-ruby
  citeproc-ruby
  csl-styles
  digest
  httparty
  json-schema
  opensearch-ruby
  rspec
  rubocop
  rubocop-rspec
  rubyzip
  text
  uc3-dmp-api-core
  uc3-dmp-citation
  uc3-dmp-cloudwatch
  uc3-dmp-external-api
  uc3-dmp-id
  uc3-dmp-provenance
  uc3-dmp-s3

RUBY VERSION
   ruby 3.2.2p53

BUNDLED WITH
   2.4.19
